GEM
  remote: https://rubygems.org/
  specs:
    bcrypt (3.1.10)
    mysql2 (0.3.21)
    rack (1.6.5)
    rack-protection (1.5.3)
      rack
    sinatra (1.4.7)
      rack (~> 1.5)
      rack-protection (~> 1.4)
      tilt (>= 1.3, < 3)
    slim (3.0.7)
      temple (~> 0.7.6)
      tilt (>= 1.3.3, < 2.1)
    temple (0.7.7)
    tilt (2.0.5)

PLATFORMS
  ruby

DEPENDENCIES
  bcrypt!
  mysql2!
  sinatra!
  slim!

BUNDLED WITH
   1.13.7
